PATH
  remote: .
  specs:
    estorm-message-processor (0.2.8)

GEM
  remote: https://rubygems.org/
  specs:
    amq-protocol (1.9.2)
    bunny (1.4.1)
      amq-protocol (>= 1.9.2)
    codeclimate-test-reporter (0.4.1)
      simplecov (>= 0.7.1, < 1.0.0)
    docile (1.1.5)
    minitest (5.4.2)
    multi_json (1.10.1)
    simplecov (0.9.1)
      docile (~> 1.1.0)
      multi_json (~> 1.0)
      simplecov-html (~> 0.8.0)
    simplecov-html (0.8.0)

PLATFORMS
  ruby

DEPENDENCIES
  bunny
  codeclimate-test-reporter
  estorm-message-processor!
  minitest
  multi_json
